GEM
  remote: http://rubygems.org/
  specs:
    rubyzip (2.3.0)

PLATFORMS
  ruby

DEPENDENCIES
  rubyzip

BUNDLED WITH
   2.1.4
